GEM
  remote: https://rubygems.org/
  specs:
    activemodel (6.1.7.4)
      activesupport (= 6.1.7.4)
    activesupport (6.1.7.4)
      concurrent-ruby (~> 1.0, >= 1.0.2)
      i18n (>= 1.6, < 2)
      minitest (>= 5.1)
      tzinfo (~> 2.0)
      zeitwerk (~> 2.3)
    addressable (2.8.5)
      public_suffix (>= 2.0.2, < 6.0)
    bson (4.15.0)
    concurrent-ruby (1.2.2)
    daemons (1.4.1)
    em-websocket (0.3.8)
      addressable (>= 2.1.1)
      eventmachine (>= 0.12.9)
    eventmachine (1.2.7)
    i18n (1.14.1)
      concurrent-ruby (~> 1.0)
    json (2.6.3)
    minitest (5.15.0)
    mongo (2.19.1)
      bson (>= 4.14.1, < 5.0.0)
    mongoid (7.5.3)
      activemodel (>= 5.1, < 7.1, != 7.0.0)
      mongo (>= 2.10.5, < 3.0.0)
      ruby2_keywords (~> 0.0.5)
    mustermann (2.0.2)
      ruby2_keywords (~> 0.0.1)
    nio4r (2.5.9)
    public_suffix (4.0.7)
    puma (6.3.0)
      nio4r (~> 2.0)
    rack (2.2.8)
    rack-protection (2.2.4)
      rack
    ruby2_keywords (0.0.5)
    sinatra (2.2.4)
      mustermann (~> 2.0)
      rack (~> 2.2)
      rack-protection (= 2.2.4)
      tilt (~> 2.0)
    sinatra-websocket (0.3.1)
      em-websocket (~> 0.3.6)
      eventmachine
      thin (>= 1.3.1, < 2.0.0)
    thin (1.8.2)
      daemons (~> 1.0, >= 1.0.9)
      eventmachine (~> 1.0, >= 1.0.4)
      rack (>= 1, < 3)
    tilt (2.2.0)
    tzinfo (2.0.6)
      concurrent-ruby (~> 1.0)
    zeitwerk (2.6.11)

PLATFORMS
  ruby

DEPENDENCIES
  json (~> 2.6, >= 2.6.3)
  mongoid
  puma
  sinatra
  sinatra-websocket (~> 0.3.1)

BUNDLED WITH
   1.17.3
